GEM
  remote: https://rubygems.org/
  specs:
    concurrent-ruby (1.1.7)
    diff-lcs (1.4.4)
    dry-cli (0.6.0)
      concurrent-ruby (~> 1.0)
    io-console (0.5.6)
    irb (1.2.7)
      reline (>= 0.1.5)
    pastel (0.8.0)
      tty-color (~> 0.5)
    redcarpet (3.5.0)
    reline (0.1.6)
      io-console (~> 0.5)
    tty-color (0.5.2)
    tty-cursor (0.7.1)
    tty-editor (0.6.0)
      tty-prompt (~> 0.22)
    tty-file (0.10.0)
      diff-lcs (~> 1.3)
      pastel (~> 0.8)
      tty-prompt (~> 0.22)
    tty-prompt (0.22.0)
      pastel (~> 0.8)
      tty-reader (~> 0.8)
    tty-reader (0.8.0)
      tty-cursor (~> 0.7)
      tty-screen (~> 0.8)
      wisper (~> 2.0)
    tty-screen (0.8.1)
    wisper (2.0.1)

PLATFORMS
  ruby

DEPENDENCIES
  dry-cli (~> 0.6)
  irb
  redcarpet
  tty-editor
  tty-file

RUBY VERSION
   ruby 2.7.2p137

BUNDLED WITH
   2.1.4
