GEM
  remote: https://rubygems.org/
  specs:
    concurrent-ruby (1.1.7)
    dry-cli (0.6.0)
      concurrent-ruby (~> 1.0)
    io-console (0.5.6)
    irb (1.2.7)
      reline (>= 0.1.5)
    reline (0.1.6)
      io-console (~> 0.5)

PLATFORMS
  ruby

DEPENDENCIES
  dry-cli (~> 0.6)
  irb

RUBY VERSION
   ruby 2.7.2p137

BUNDLED WITH
   2.1.4
